PATH
  remote: .
  specs:
    ruby-llvm-script (1.0.0)
      ruby-llvm (>= 3.0.0)

GEM
  remote: http://rubygems.org/
  specs:
    ffi (1.0.11)
    flay (1.4.3)
      ruby_parser (~> 2.0)
      sexp_processor (~> 3.0)
    flog (2.5.3)
      ruby_parser (~> 2.0)
      sexp_processor (~> 3.0)
    metaclass (0.0.1)
    minitest (3.0.1)
    mocha (0.11.4)
      metaclass (~> 0.0.1)
    rake (0.9.2.2)
    rcov (1.0.0)
    reek (1.2.12)
      ripper_ruby_parser (~> 0.0.7)
      ruby2ruby (~> 1.2.5)
      ruby_parser (~> 2.0)
      sexp_processor (~> 3.0)
    ripper_ruby_parser (0.0.7)
      sexp_processor (~> 3.0)
    ruby-llvm (3.0.0)
      ffi (>= 1.0.0)
    ruby2ruby (1.2.5)
      ruby_parser (~> 2.0)
      sexp_processor (~> 3.0)
    ruby_parser (2.3.1)
      sexp_processor (~> 3.0)
    sexp_processor (3.2.0)
    yard (0.8.2.1)

PLATFORMS
  ruby

DEPENDENCIES
  flay
  flog
  minitest
  mocha
  rake
  rcov
  reek
  ruby-llvm-script!
  yard
